GEM
  remote: https://rubygems.org/
  specs:
    date (3.3.3)

PLATFORMS
  x86_64-darwin-22

DEPENDENCIES
  date

RUBY VERSION
   ruby 3.1.2p20

BUNDLED WITH
   2.3.25
