GEM
  remote: https://rubygems.org/
  specs:
    colorize (0.8.1)
    date (3.3.3)
    sqlite3 (1.6.2-arm64-darwin)
    sqlite3 (1.6.2-x86_64-darwin)

PLATFORMS
  arm64-darwin-22
  x86_64-darwin-22

DEPENDENCIES
  colorize
  date
  sqlite3

RUBY VERSION
   ruby 3.2.0p0

BUNDLED WITH
   2.4.12
